GEM
  remote: http://rubygems.org/
  specs:
    daemons (1.1.9)
    eventmachine (1.0.0)
    haml (3.1.7)
    newrelic_rpm (3.4.2.1)
    rack (1.4.5)
    rack-protection (1.3.2)
      rack
    sinatra (1.3.3)
      rack (~> 1.3, >= 1.3.6)
      rack-protection (~> 1.2)
      tilt (~> 1.3, >= 1.3.3)
    thin (1.3.1)
      daemons (>= 1.0.9)
      eventmachine (>= 0.12.6)
      rack (>= 1.0.0)
    tilt (1.3.3)
    yajl-ruby (1.1.0)

PLATFORMS
  ruby

DEPENDENCIES
  haml (~> 3.1.7)
  newrelic_rpm (~> 3.4.1)
  rack (~> 1.4.5)
  sinatra (= 1.3.3)
  thin (~> 1.3.1)
  yajl-ruby (~> 1.1.0)
